GEM
  remote: https://rubygems.org/
  specs:
    haml (6.3.0)
      temple (>= 0.8.2)
      thor
      tilt
    kramdown (2.5.1)
      rexml (>= 3.3.9)
    kramdown-parser-gfm (1.1.0)
      kramdown (~> 2.0)
    nio4r (2.7.4)
    puma (6.6.0)
      nio4r (~> 2.0)
    rack (3.1.9)
    rack-rewrite (1.5.1)
    rake (13.2.1)
    rexml (3.4.0)
    rouge (4.5.1)
    tailwindcss-ruby (3.4.17)
    tailwindcss-ruby (3.4.17-aarch64-linux)
    tailwindcss-ruby (3.4.17-arm-linux)
    tailwindcss-ruby (3.4.17-arm64-darwin)
    tailwindcss-ruby (3.4.17-x86_64-darwin)
    tailwindcss-ruby (3.4.17-x86_64-linux)
    temple (0.10.3)
    thor (1.3.2)
    tilt (2.6.0)

PLATFORMS
  aarch64-linux
  arm-linux
  arm64-darwin
  ruby
  x86_64-darwin
  x86_64-linux

DEPENDENCIES
  haml
  kramdown
  kramdown-parser-gfm
  puma
  rack
  rack-rewrite
  rake
  rouge
  tailwindcss-ruby (~> 3.4)
  tilt

BUNDLED WITH
   2.5.17
