PATH
  remote: /home/miked/code/oss/keydown
  specs:
    keydown (0.9.2)
      compass
      github-markdown
      haml
      sass
      thor
      tilt

GEM
  remote: https://rubygems.org/
  specs:
    chunky_png (1.2.8)
    compass (0.12.2)
      chunky_png (~> 1.2)
      fssm (>= 0.2.7)
      sass (~> 3.1)
    fssm (0.2.10)
    github-markdown (0.5.3)
    haml (4.0.3)
      tilt
    sass (3.2.11)
    thor (0.18.1)
    tilt (1.4.1)

PLATFORMS
  ruby

DEPENDENCIES
  keydown!
