GEM
  remote: https://rubygems.org/
  specs:
    bluecloth (2.2.0)
    makers-mark (0.1.1)
      bluecloth (>= 2.0.0)
      nokogiri
    mini_portile2 (2.8.5)
    nokogiri (1.15.5)
      mini_portile2 (~> 2.8.2)
      racc (~> 1.4)
    open4 (1.3.0)
    racc (1.7.3)
    slidedown (0.2.0)
      makers-mark
      nokogiri

PLATFORMS
  ruby

DEPENDENCIES
  open4
  slidedown
