GEM
  remote: https://rubygems.org/
  specs:
    bluecloth (2.2.0)
    makers-mark (0.1.1)
      bluecloth (>= 2.0.0)
      nokogiri
    nokogiri (1.5.10)
    open4 (1.3.0)
    slidedown (0.2.0)
      makers-mark
      nokogiri

PLATFORMS
  ruby

DEPENDENCIES
  open4
  slidedown
